GEM
  remote: https://rubygems.org/
  specs:
    aws-s3 (0.6.3)
      builder
      mime-types
      xml-simple
    builder (3.2.2)
    mime-types (2.6.1)
    puma (3.12.3)
    rack (1.6.4)
    rmagick (2.15.2)
    xml-simple (1.1.5)

PLATFORMS
  ruby

DEPENDENCIES
  aws-s3
  puma
  rack
  rmagick

BUNDLED WITH
   1.10.5
